PATH
  remote: .
  specs:
    efax (1.3.3)
      builder (~> 3.0.0)
      hpricot (~> 0.8.1)

GEM
  remote: http://rubygems.org/
  specs:
    builder (3.0.0)
    hpricot (0.8.4)
    mocha (0.9.12)
    rake (0.9.2)
    rdoc (3.5.3)
    test-unit (2.3.2)

PLATFORMS
  ruby

DEPENDENCIES
  efax!
  mocha (~> 0.9.12)
  rake
  rdoc
  test-unit (~> 2.3.2)
